GEM
  remote: https://rubygems.org/
  specs:
    commonjs (0.2.6)
    jsmin (1.0.1)
    less (2.2.2)
      commonjs (~> 0.2.6)
    libv8 (3.3.10.4)
    rack (1.4.1)
    rack-protection (1.2.0)
      rack
    rack-test (0.6.2)
      rack (>= 1.0)
    rake (0.9.2.2)
    sinatra (1.3.3)
      rack (~> 1.3, >= 1.3.6)
      rack-protection (~> 1.2)
      tilt (~> 1.3, >= 1.3.3)
    sinatra-assetpack (0.0.11)
      jsmin
      rack-test
      sinatra
      tilt (>= 1.3.0)
    therubyracer (0.9.9)
      libv8 (~> 3.3.10)
    tilt (1.3.3)

PLATFORMS
  ruby

DEPENDENCIES
  less
  rake
  sinatra
  sinatra-assetpack
  therubyracer
