GEM
  remote: https://rubygems.org/
  specs:
    commonjs (0.2.6)
    less (2.2.2)
      commonjs (~> 0.2.6)
    rack (1.4.1)
    rack-protection (1.2.0)
      rack
    sinatra (1.3.3)
      rack (~> 1.3, >= 1.3.6)
      rack-protection (~> 1.2)
      tilt (~> 1.3, >= 1.3.3)
    tilt (1.3.3)

PLATFORMS
  ruby

DEPENDENCIES
  less
  sinatra
